GIT
  remote: https://github.com/fuelxc/nike_v2.git
  revision: 6f85d828bedc270fe04a1655cacaf231b7bed8be
  specs:
    nike_v2 (0.3.9)
      alchemist (= 0.1.3)
      httparty (= 0.10.2)
      httparty_sober (= 0.2.1)
      tzinfo (~> 0.3.37)

GEM
  remote: https://rubygems.org/
  specs:
    alchemist (0.1.3)
    api_cache (0.3.0)
    curb (0.8.6)
    daemons (1.1.9)
    eventmachine (1.0.3)
    haml (4.0.6)
      tilt
    httparty (0.10.2)
      multi_json (~> 1.0)
      multi_xml (>= 0.5.2)
    httparty_sober (0.2.1)
      api_cache (>= 0.2.0)
      httparty
    json (1.8.1)
    mime-types (2.4.3)
    mono_logger (1.1.0)
    multi_json (1.10.1)
    multi_xml (0.5.5)
    netrc (0.9.0)
    rack (1.5.2)
    rack-protection (1.5.3)
      rack
    rake (10.4.2)
    redis (3.1.0)
    redis-namespace (1.5.1)
      redis (~> 3.0, >= 3.0.4)
    resque (1.25.2)
      mono_logger (~> 1.0)
      multi_json (~> 1.0)
      redis-namespace (~> 1.3)
      sinatra (>= 0.9.2)
      vegas (~> 0.1.2)
    resque-status (0.4.3)
      resque (~> 1.19)
    rest-client (1.7.2)
      mime-types (>= 1.16, < 3.0)
      netrc (~> 0.7)
    sinatra (1.4.5)
      rack (~> 1.4)
      rack-protection (~> 1.4)
      tilt (~> 1.3, >= 1.3.4)
    sinatra-initializers (0.1.4)
    sinatra-redis (0.3.0)
      redis
      sinatra (>= 0.9.4)
    thin (1.6.3)
      daemons (~> 1.0, >= 1.0.9)
      eventmachine (~> 1.0)
      rack (~> 1.0)
    thingiverse (0.0.7)
      curb
      httparty
      json
    tilt (1.4.1)
    tzinfo (0.3.42)
    vegas (0.1.11)
      rack (>= 1.0.0)

PLATFORMS
  ruby

DEPENDENCIES
  haml
  json
  nike_v2!
  rake
  resque
  resque-status
  rest-client
  sinatra
  sinatra-initializers
  sinatra-redis
  thin
  thingiverse
